GEM
  remote: https://rubygems.org/
  specs:
    activemodel (3.2.10)
      activesupport (= 3.2.10)
      builder (~> 3.0.0)
    activesupport (3.2.10)
      i18n (~> 0.6)
      multi_json (~> 1.0)
    addressable (2.3.2)
    backports (2.6.5)
    better_errors (0.2.0)
      coderay (>= 1.0.0)
      erubis (>= 2.7.0)
    bson (1.8.0)
      activesupport
    builder (3.0.4)
    coderay (1.0.8)
    daemons (1.1.9)
    descendants_tracker (0.0.1)
    discoverer (0.0.1)
      virtus
    em-websocket (0.3.8)
      addressable (>= 2.1.1)
      eventmachine (>= 0.12.9)
    em-websocket-client (0.1.1)
      eventmachine
      libwebsocket
    empezar (0.4.0)
      discoverer
      fast
      symbolmatrix
      term-ansicolor
    erubis (2.7.0)
    eventmachine (1.0.0)
    fast (0.1.4)
      metafun (>= 0.2.0)
      sub-setter (>= 0.0.2)
    fetcher-mongoid-models (0.0.2)
      mongoid
    haml (3.1.7)
    i18n (0.6.1)
    json (1.7.6)
    libwebsocket (0.1.7.1)
      addressable
      websocket
    metafun (0.2.0)
    method_source (0.8.1)
    mongo (1.8.0)
      bson (~> 1.8.0)
    mongoid (3.0.16)
      activemodel (~> 3.1)
      moped (~> 1.1)
      origin (~> 1.0)
      tzinfo (~> 0.3.22)
    moped (1.3.2)
    multi_json (1.5.0)
    origin (1.0.11)
    pry (0.9.10)
      coderay (~> 1.0.5)
      method_source (~> 0.8)
      slop (~> 3.3.1)
    rack (1.4.1)
    rack-protection (1.3.1)
      rack
    sass (3.2.3)
    sinatra (1.3.3)
      rack (~> 1.3, >= 1.3.6)
      rack-protection (~> 1.2)
      tilt (~> 1.3, >= 1.3.3)
    sinatra-websocket (0.2.0)
      em-websocket (>= 0.3.6)
      eventmachine
      thin (>= 1.3.1)
    slim (1.3.5)
      temple (~> 0.5.5)
      tilt (~> 1.3.3)
    slop (3.3.3)
    sub-setter (0.0.2)
    symbolmatrix (1.2.0)
      discoverer
    temple (0.5.5)
    term-ansicolor (1.0.7)
    thin (1.5.0)
      daemons (>= 1.0.9)
      eventmachine (>= 0.12.6)
      rack (>= 1.0.0)
    tilt (1.3.3)
    tzinfo (0.3.35)
    virtus (0.5.4)
      backports (~> 2.6.1)
      descendants_tracker (~> 0.0.1)
    websocket (1.0.6)

PLATFORMS
  ruby

DEPENDENCIES
  better_errors
  em-websocket
  em-websocket-client
  empezar
  fetcher-mongoid-models
  haml
  json
  mongo
  pry
  sass
  sinatra
  sinatra-websocket
  slim
