GEM
  remote: https://rubygems.org/
  specs:
    activemodel (3.2.9)
      activesupport (= 3.2.9)
      builder (~> 3.0.0)
    activesupport (3.2.9)
      i18n (~> 0.6)
      multi_json (~> 1.0)
    addressable (2.3.2)
    backports (2.6.5)
    better_errors (0.3.2)
      coderay (>= 1.0.0)
      erubis (>= 2.7.0)
    binding_of_caller (0.6.8)
    bson (1.8.0)
      activesupport
    builder (3.0.4)
    coderay (1.0.8)
    daemons (1.1.9)
    descendants_tracker (0.0.1)
    discoverer (0.0.1)
      virtus
    em-websocket (0.3.8)
      addressable (>= 2.1.1)
      eventmachine (>= 0.12.9)
    em-websocket-client (0.1.1)
      eventmachine
      libwebsocket
    erubis (2.7.0)
    eventmachine (1.0.0)
    faraday (0.8.4)
      multipart-post (~> 1.1)
    fetcher-mongoid-models (0.0.2)
      mongoid
    haml (3.1.7)
    hashie (1.2.0)
    i18n (0.6.1)
    koala (1.6.0)
      addressable (~> 2.2)
      faraday (~> 0.8)
      multi_json (~> 1.3)
    libwebsocket (0.1.7.1)
      addressable
      websocket
    method_source (0.8.1)
    mongo (1.8.0)
      bson (~> 1.8.0)
    mongoid (3.0.15)
      activemodel (~> 3.1)
      moped (~> 1.1)
      origin (~> 1.0)
      tzinfo (~> 0.3.22)
    moped (1.3.1)
    multi_json (1.5.0)
    multipart-post (1.1.5)
    oauth (0.4.7)
    omniauth (1.1.1)
      hashie (~> 1.2)
      rack
    omniauth-oauth (1.0.1)
      oauth
      omniauth (~> 1.0)
    omniauth-twitter (0.0.14)
      multi_json (~> 1.3)
      omniauth-oauth (~> 1.0)
    origin (1.0.11)
    pry (0.9.10)
      coderay (~> 1.0.5)
      method_source (~> 0.8)
      slop (~> 3.3.1)
    rack (1.4.1)
    rack-protection (1.3.2)
      rack
    sass (3.2.3)
    simple_oauth (0.2.0)
    sinatra (1.3.3)
      rack (~> 1.3, >= 1.3.6)
      rack-protection (~> 1.2)
      tilt (~> 1.3, >= 1.3.3)
    sinatra-websocket (0.2.0)
      em-websocket (>= 0.3.6)
      eventmachine
      thin (>= 1.3.1)
    slop (3.3.3)
    symbolmatrix (1.1.2)
      discoverer
    thin (1.5.0)
      daemons (>= 1.0.9)
      eventmachine (>= 0.12.6)
      rack (>= 1.0.0)
    tilt (1.3.3)
    twitter (4.4.2)
      faraday (~> 0.8)
      multi_json (~> 1.3)
      simple_oauth (~> 0.2)
    tzinfo (0.3.35)
    virtus (0.5.4)
      backports (~> 2.6.1)
      descendants_tracker (~> 0.0.1)
    websocket (1.0.6)

PLATFORMS
  ruby

DEPENDENCIES
  better_errors
  binding_of_caller
  em-websocket
  em-websocket-client
  fetcher-mongoid-models
  haml
  koala
  mongo
  omniauth-twitter
  pry
  sass
  sinatra
  sinatra-websocket
  symbolmatrix
  twitter
